GEM
  remote: https://rubygems.org/
  specs:
    geocoder (1.2.14)
    google_places (0.32.0)
      httparty (~> 0.13.1)
    httparty (0.13.7)
      json (~> 1.8)
      multi_xml (>= 0.5.2)
    json (1.8.3)
    multi_xml (0.5.5)

PLATFORMS
  ruby

DEPENDENCIES
  geocoder
  google_places

BUNDLED WITH
   1.11.2
